GEM
  remote: https://rubygems.org/
  specs:
    httpclient (2.8.2.4)

PLATFORMS
  ruby

DEPENDENCIES
  httpclient

BUNDLED WITH
   1.13.5
